GEM
  remote: https://rubygems.org/
  specs:
    addressable (2.8.0)
      public_suffix (>= 2.0.2, < 5.0)
    bcrypt (3.1.17)
    bcrypt-ruby (3.1.5)
      bcrypt (>= 3.1.3)
    chassis-datamapper (1.0.1)
      sinatra-chassis (>= 1.1.0)
    chassis-pony (1.0.0)
      sinatra-chassis (>= 1.1.0)
    chronic (0.6.7)
    coffee-script (2.4.1)
      coffee-script-source
      execjs
    coffee-script-source (1.12.2)
    data_mapper (1.2.0)
      dm-aggregates (~> 1.2.0)
      dm-constraints (~> 1.2.0)
      dm-core (~> 1.2.0)
      dm-migrations (~> 1.2.0)
      dm-serializer (~> 1.2.0)
      dm-timestamps (~> 1.2.0)
      dm-transactions (~> 1.2.0)
      dm-types (~> 1.2.0)
      dm-validations (~> 1.2.0)
    data_objects (0.10.17)
      addressable (~> 2.1)
    dm-aggregates (1.2.0)
      dm-core (~> 1.2.0)
    dm-constraints (1.2.0)
      dm-core (~> 1.2.0)
    dm-core (1.2.1)
      addressable (~> 2.3)
    dm-do-adapter (1.2.0)
      data_objects (~> 0.10.6)
      dm-core (~> 1.2.0)
    dm-migrations (1.2.0)
      dm-core (~> 1.2.0)
    dm-postgres-adapter (1.2.0)
      dm-do-adapter (~> 1.2.0)
      do_postgres (~> 0.10.6)
    dm-serializer (1.2.2)
      dm-core (~> 1.2.0)
      fastercsv (~> 1.5)
      json (~> 1.6)
      json_pure (~> 1.6)
      multi_json (~> 1.0)
    dm-sqlite-adapter (1.2.0)
      dm-do-adapter (~> 1.2.0)
      do_sqlite3 (~> 0.10.6)
    dm-timestamps (1.2.0)
      dm-core (~> 1.2.0)
    dm-transactions (1.2.0)
      dm-core (~> 1.2.0)
    dm-types (1.2.2)
      bcrypt-ruby (~> 3.0)
      dm-core (~> 1.2.0)
      fastercsv (~> 1.5)
      json (~> 1.6)
      multi_json (~> 1.0)
      stringex (~> 1.4)
      uuidtools (~> 2.1)
    dm-validations (1.2.0)
      dm-core (~> 1.2.0)
    do_postgres (0.10.17)
      data_objects (= 0.10.17)
    do_sqlite3 (0.10.17)
      data_objects (= 0.10.17)
    execjs (2.8.1)
    fastercsv (1.5.5)
    ffi (1.15.5)
    jsmin (1.0.1)
    json (1.8.6)
    json_pure (1.8.6)
    kramdown (2.3.2)
      rexml
    mail (2.7.1)
      mini_mime (>= 0.1.1)
    mini_mime (1.1.2)
    multi_json (1.15.0)
    mustermann (1.1.1)
      ruby2_keywords (~> 0.0.1)
    paint (2.2.1)
    pony (1.13.1)
      mail (>= 2.0)
    public_suffix (4.0.6)
    rack (2.2.6.3)
    rack-flash3 (1.0.5)
      rack
    rack-protection (2.2.0)
      rack
    rack-test (1.1.0)
      rack (>= 1.0, < 3)
    rake (12.3.3)
    rb-fsevent (0.11.1)
    rb-inotify (0.10.1)
      ffi (~> 1.0)
    rexml (3.2.5)
    ruby2_keywords (0.0.5)
    sass (3.7.4)
      sass-listen (~> 4.0.0)
    sass-listen (4.0.0)
      rb-fsevent (~> 0.9, >= 0.9.4)
      rb-inotify (~> 0.9, >= 0.9.7)
    sinatra (2.2.0)
      mustermann (~> 1.0)
      rack (~> 2.2)
      rack-protection (= 2.2.0)
      tilt (~> 2.0)
    sinatra-chassis (1.1.1)
      coffee-script (>= 2.2.0)
      paint (>= 0.8.6)
      rack-flash3 (>= 1.0.3)
      rack-test (>= 0.6.2)
      sass (>= 3.2.9)
      sinatra (>= 1.4.3)
    sinatra-contrib (2.2.0)
      multi_json
      mustermann (~> 1.0)
      rack-protection (= 2.2.0)
      sinatra (= 2.2.0)
      tilt (~> 2.0)
    stringex (1.5.1)
    tilt (2.0.10)
    uuidtools (2.2.0)

PLATFORMS
  arm64-darwin-21
  x86_64-linux

DEPENDENCIES
  chassis-datamapper (~> 1.0.1)
  chassis-pony (~> 1.0.0)
  chronic (~> 0.6.7)
  coffee-script (>= 2.2.0)
  data_mapper (~> 1.2.0)
  dm-postgres-adapter (~> 1.2.0)
  dm-sqlite-adapter (~> 1.2.0)
  jsmin (>= 1.0.1)
  kramdown (~> 2.3.1)
  pony (~> 1.4)
  rack (~> 2.2)
  rake (~> 12.3.3)
  sass (>= 3.2.9)
  sinatra (>= 1.4.3)
  sinatra-chassis (>= 1.1.1)
  sinatra-contrib (>= 1.4.0)

RUBY VERSION
   ruby 2.7.2p137

BUNDLED WITH
   2.3.4
